GIT
  remote: https://github.com/kainosnoema/rack-lineprof
  revision: b625eb7e64ac6e9c652c03be7fb9687400885a57
  specs:
    rack-lineprof (0.0.3)
      rack (>= 1.5)
      rblineprof (~> 0.3.6)
      term-ansicolor (~> 1.3)

GEM
  remote: https://rubygems.org/
  specs:
    backports (3.6.8)
    byebug (9.0.6)
    coderay (1.1.1)
    debugger-ruby_core_source (1.3.8)
    foreman (0.78.0)
      thor (~> 0.19.1)
    memcache-client (1.8.5)
    method_source (0.8.2)
    multi_json (1.11.2)
    mysql2 (0.4.3)
    pry (0.10.4)
      coderay (~> 1.1.0)
      method_source (~> 0.8.1)
      slop (~> 3.4)
    pry-byebug (3.4.2)
      byebug (~> 9.0)
      pry (~> 0.10)
    pry-doc (0.10.0)
      pry (~> 0.9)
      yard (~> 0.9)
    puma (3.8.2)
    rack (1.6.4)
    rack-flash3 (1.0.5)
      rack
    rack-protection (1.5.3)
      rack
    rack-test (0.6.3)
      rack (>= 1.0)
    rblineprof (0.3.7)
      debugger-ruby_core_source (~> 1.3)
    sinatra (1.4.7)
      rack (~> 1.5)
      rack-protection (~> 1.4)
      tilt (>= 1.3, < 3)
    sinatra-contrib (1.4.6)
      backports (>= 2.0)
      multi_json
      rack-protection
      rack-test
      sinatra (~> 1.4.0)
      tilt (>= 1.3, < 3)
    slop (3.6.0)
    term-ansicolor (1.6.0)
      tins (~> 1.0)
    thor (0.19.1)
    tilt (2.0.2)
    tins (1.13.2)
    yard (0.9.8)

PLATFORMS
  ruby

DEPENDENCIES
  foreman
  memcache-client
  mysql2
  pry-byebug
  pry-doc
  puma
  rack-flash3
  rack-lineprof!
  sinatra
  sinatra-contrib

BUNDLED WITH
   1.14.6
